PATH
  remote: .
  specs:
    exercism_config (0.16.0)
      aws-sdk-dynamodb (~> 1.0)
      mandate
      zeitwerk

GEM
  remote: https://rubygems.org/
  specs:
    aws-eventstream (1.1.0)
    aws-partitions (1.346.0)
    aws-sdk-core (3.104.3)
      aws-eventstream (~> 1, >= 1.0.2)
      aws-partitions (~> 1, >= 1.239.0)
      aws-sigv4 (~> 1.1)
      jmespath (~> 1.0)
    aws-sdk-dynamodb (1.51.0)
      aws-sdk-core (~> 3, >= 3.99.0)
      aws-sigv4 (~> 1.1)
    aws-sigv4 (1.2.1)
      aws-eventstream (~> 1, >= 1.0.2)
    jmespath (1.4.0)
    mandate (0.3.0)
    minitest (5.14.1)
    mocha (1.11.2)
    rake (12.3.3)
    zeitwerk (2.4.0)

PLATFORMS
  ruby

DEPENDENCIES
  bundler (~> 2.1)
  exercism_config!
  minitest (~> 5.0)
  mocha
  rake (~> 12.0)

BUNDLED WITH
   2.1.4
